GEM
  remote: https://rubygems.org/
  specs:
    activesupport (5.1.3)
      concurrent-ruby (~> 1.0, >= 1.0.2)
      i18n (~> 0.7)
      minitest (~> 5.1)
      tzinfo (~> 1.1)
    ast (2.3.0)
    aws-sdk (2.1.11)
      aws-sdk-resources (= 2.1.11)
    aws-sdk-core (2.1.11)
      jmespath (~> 1.0)
    aws-sdk-resources (2.1.11)
      aws-sdk-core (= 2.1.11)
    builder (3.2.3)
    coderay (1.1.1)
    concurrent-ruby (1.0.5)
    config (1.4.0)
      activesupport (>= 3.0)
      deep_merge (~> 1.1.1)
    deep_merge (1.1.1)
    dotenv (1.0.2)
    dotenv-rails (1.0.2)
      dotenv (= 1.0.2)
    fake_ftp (0.3.0)
    fakes3 (1.2.0)
      builder
      thor
    i18n (0.8.6)
    jmespath (1.3.1)
    method_source (0.8.2)
    minitest (5.10.3)
    parallel (1.11.2)
    parser (2.4.0.0)
      ast (~> 2.2)
    powerpack (0.1.1)
    pry (0.10.4)
      coderay (~> 1.1.0)
      method_source (~> 0.8.1)
      slop (~> 3.4)
    rainbow (2.2.2)
      rake
    rake (12.0.0)
    rubocop (0.49.1)
      parallel (~> 1.10)
      parser (>= 2.3.3.1, < 3.0)
      powerpack (~> 0.1)
      rainbow (>= 1.99.1, < 3.0)
      ruby-progressbar (~> 1.7)
      unicode-display_width (~> 1.0, >= 1.0.1)
    ruby-progressbar (1.8.1)
    slop (3.6.0)
    thor (0.19.4)
    thread_safe (0.3.6)
    tzinfo (1.2.3)
      thread_safe (~> 0.1)
    unicode-display_width (1.3.0)

PLATFORMS
  ruby

DEPENDENCIES
  aws-sdk
  config (= 1.4.0)
  dotenv-rails
  fake_ftp
  fakes3
  pry
  rubocop

RUBY VERSION
   ruby 2.3.4p301

BUNDLED WITH
   1.15.0
